GEM
  remote: https://rubygems.org/
  specs:
    ansi (1.5.0)
    aws-eventstream (1.3.0)
    aws-partitions (1.919.0)
    aws-sdk-core (3.192.1)
      aws-eventstream (~> 1, >= 1.3.0)
      aws-partitions (~> 1, >= 1.651.0)
      aws-sigv4 (~> 1.8)
      jmespath (~> 1, >= 1.6.1)
    aws-sdk-ec2 (1.452.0)
      aws-sdk-core (~> 3, >= 3.191.0)
      aws-sigv4 (~> 1.1)
    aws-sigv4 (1.8.0)
      aws-eventstream (~> 1, >= 1.0.2)
    hashie (5.0.0)
    itamae (1.14.1)
      ansi
      hashie
      schash (~> 0.1.0)
      specinfra (>= 2.64.0, < 3.0.0)
      thor (>= 1.0.0)
    jmespath (1.6.2)
    net-scp (4.0.0)
      net-ssh (>= 2.6.5, < 8.0.0)
    net-ssh (7.2.3)
    net-telnet (0.2.0)
    rexml (3.2.6)
    schash (0.1.2)
    sfl (2.3)
    specinfra (2.89.0)
      net-scp
      net-ssh (>= 2.7)
      net-telnet
      sfl
    specinfra-ec2_metadata-tags (0.0.5)
      aws-sdk-ec2
      specinfra (~> 2.24)
    thor (1.3.1)

PLATFORMS
  ruby

DEPENDENCIES
  itamae (= 1.14.1)
  rexml
  specinfra-ec2_metadata-tags (= 0.0.5)

BUNDLED WITH
   2.4.22
