GEM
  remote: https://rubygems.org/
  specs:
    ansi (1.5.0)
    aws-eventstream (1.1.0)
    aws-sdk (2.11.510)
      aws-sdk-resources (= 2.11.510)
    aws-sdk-core (2.11.510)
      aws-sigv4 (~> 1.0)
      jmespath (~> 1.0)
    aws-sdk-resources (2.11.510)
      aws-sdk-core (= 2.11.510)
    aws-sigv4 (1.1.3)
      aws-eventstream (~> 1.0, >= 1.0.2)
    hashie (4.1.0)
    itamae (1.10.8)
      ansi
      hashie
      schash (~> 0.1.0)
      specinfra (>= 2.64.0, < 3.0.0)
      thor
    jmespath (1.4.0)
    net-scp (3.0.0)
      net-ssh (>= 2.6.5, < 7.0.0)
    net-ssh (6.0.2)
    net-telnet (0.1.1)
    schash (0.1.2)
    sfl (2.3)
    specinfra (2.82.16)
      net-scp
      net-ssh (>= 2.7)
      net-telnet (= 0.1.1)
      sfl
    specinfra-ec2_metadata-tags (0.0.4)
      aws-sdk (~> 2)
      specinfra (~> 2.24)
    thor (1.0.1)

PLATFORMS
  ruby

DEPENDENCIES
  itamae (= 1.10.8)
  specinfra-ec2_metadata-tags (= 0.0.4)

BUNDLED WITH
   2.1.4
